GEM
  remote: https://rubygems.org/
  specs:
    erb_lint (0.4.0)

PLATFORMS
  arm64-darwin-20
  x86_64-linux

DEPENDENCIES
  erb_lint

BUNDLED WITH
   2.4.12
